GIT
  remote: git://github.com/guard/guard-compass.git
  revision: 314a44457db82a06ffe2e6603e9990690d2fe297
  specs:
    guard-compass (0.0.8)
      compass (>= 0.10.5)
      guard (>= 1.8)

GEM
  remote: http://rubygems.org/
  specs:
    chunky_png (1.2.8)
    coderay (1.0.9)
    compass (0.12.2)
      chunky_png (~> 1.2)
      fssm (>= 0.2.7)
      sass (~> 3.1)
    em-websocket (0.5.0)
      eventmachine (>= 0.12.9)
      http_parser.rb (~> 0.5.3)
    eventmachine (1.0.3)
    ffi (1.9.0)
    formatador (0.2.4)
    fssm (0.2.10)
    guard (1.8.1)
      formatador (>= 0.2.4)
      listen (>= 1.0.0)
      lumberjack (>= 1.0.2)
      pry (>= 0.9.10)
      thor (>= 0.14.6)
    guard-livereload (1.4.0)
      em-websocket (>= 0.5.0)
      guard (>= 1.8.0)
      multi_json (~> 1.7)
    http_parser.rb (0.5.3)
    listen (1.2.2)
      rb-fsevent (>= 0.9.3)
      rb-inotify (>= 0.9)
      rb-kqueue (>= 0.2)
    lumberjack (1.0.4)
    method_source (0.8.2)
    multi_json (1.7.7)
    powder (0.2.0)
      thor (>= 0.11.5)
    pry (0.9.12.2)
      coderay (~> 1.0.5)
      method_source (~> 0.8)
      slop (~> 3.4)
    rack (1.5.2)
    rack-livereload (0.3.15)
      rack
    rake (10.1.0)
    rb-fsevent (0.9.3)
    rb-inotify (0.9.0)
      ffi (>= 0.5.0)
    rb-kqueue (0.2.0)
      ffi (>= 0.5.0)
    sass (3.2.10)
    sassy-buttons (0.2)
    slop (3.4.6)
    thor (0.18.1)
    vendorer (0.1.14)

PLATFORMS
  ruby

DEPENDENCIES
  compass (>= 0.12)
  guard-compass!
  guard-livereload
  powder
  rack-livereload
  rake
  rb-fsevent
  sass
  sassy-buttons
  vendorer
