GEM
  remote: http://rubygems.org/
  specs:
    chunky_png (1.3.0)
    coderay (1.1.0)
    compass (0.13.alpha.10)
      chunky_png (~> 1.2)
      json
      listen (~> 1.1.0)
      sass (~> 3.3.0.rc.1)
    em-websocket (0.5.0)
      eventmachine (>= 0.12.9)
      http_parser.rb (~> 0.5.3)
    eventmachine (1.0.3)
    ffi (1.9.3)
    formatador (0.2.4)
    guard (1.8.2)
      formatador (>= 0.2.4)
      listen (>= 1.0.0)
      lumberjack (>= 1.0.2)
      pry (>= 0.9.10)
      thor (>= 0.14.6)
    guard-compass (0.0.8)
      compass (>= 0.10.5)
      guard (>= 1.8)
    guard-livereload (1.4.0)
      em-websocket (>= 0.5.0)
      guard (>= 1.8.0)
      multi_json (~> 1.7)
    http_parser.rb (0.5.3)
    json (1.8.1)
    listen (1.1.6)
      rb-fsevent (>= 0.9.3)
      rb-inotify (>= 0.9)
      rb-kqueue (>= 0.2)
    lumberjack (1.0.4)
    method_source (0.8.2)
    multi_json (1.8.4)
    powder (0.2.1)
      thor (>= 0.11.5)
    pry (0.9.12.6)
      coderay (~> 1.0)
      method_source (~> 0.8)
      slop (~> 3.4)
    rack (1.5.2)
    rack-livereload (0.3.15)
      rack
    rake (10.1.1)
    rb-fsevent (0.9.4)
    rb-inotify (0.9.3)
      ffi (>= 0.5.0)
    rb-kqueue (0.2.0)
      ffi (>= 0.5.0)
    sass (3.3.0.rc.3)
    sassy-buttons (0.2.6)
      compass (>= 0.12.2)
    slop (3.4.7)
    thor (0.18.1)
    vendorer (0.1.14)

PLATFORMS
  ruby

DEPENDENCIES
  compass (~> 0.13.alpha.10)
  guard-compass
  guard-livereload
  powder
  rack-livereload
  rake
  rb-fsevent
  sass
  sassy-buttons
  vendorer
