GEM
  remote: http://rubygems.org/
  specs:
    addressable (2.3.2)
    chunky_png (1.2.6)
    compass (0.12.2)
      chunky_png (~> 1.2)
      fssm (>= 0.2.7)
      sass (~> 3.1)
    em-websocket (0.3.8)
      addressable (>= 2.1.1)
      eventmachine (>= 0.12.9)
    eventmachine (0.12.10)
    ffi (1.1.5)
    fssm (0.2.9)
    guard (1.3.2)
      listen (>= 0.4.2)
      thor (>= 0.14.6)
    guard-compass (0.0.6)
      compass (>= 0.10.5)
      guard (>= 0.2.1)
    guard-livereload (1.0.0)
      em-websocket (>= 0.2.0)
      guard (>= 1.1.0)
      multi_json (~> 1.0)
    listen (0.4.7)
      rb-fchange (~> 0.0.5)
      rb-fsevent (~> 0.9.1)
      rb-inotify (~> 0.8.8)
    multi_json (1.3.6)
    powder (0.1.8)
      thor (>= 0.11.5)
    rack (1.4.1)
    rack-livereload (0.3.6)
      rack
    rake (0.9.2.2)
    rb-fchange (0.0.5)
      ffi
    rb-fsevent (0.9.1)
    rb-inotify (0.8.8)
      ffi (>= 0.5.0)
    sass (3.2.1)
    sassy-buttons (0.1.3)
      compass (>= 0.12.2)
      sass (>= 3.2.0)
    thor (0.16.0)
    vendorer (0.1.11)

PLATFORMS
  ruby

DEPENDENCIES
  compass (>= 0.12)
  guard-compass
  guard-livereload
  powder
  rack-livereload
  rake
  rb-fsevent
  sass (~> 3.2.0.alpha)
  sassy-buttons
  vendorer
